GIT
  remote: https://github.com/Wardrop/Scorched
  revision: 5a197665c2af222ae97e98da7c15d40712e9a6a0
  branch: master
  specs:
    scorched (0.25)
      rack (~> 1.4)
      rack-accept (~> 0.4)
      scorched-accept (~> 0.1)
      tilt (~> 1.4)

GEM
  remote: https://rubygems.org/
  specs:
    blankslate (3.1.3)
    parslet (1.7.1)
      blankslate (>= 2.0, <= 4.0)
    rack (1.6.4)
    rack-accept (0.4.5)
      rack (>= 0.4)
    scorched-accept (0.1)
      parslet (~> 1.7)
    tilt (1.4.1)

PLATFORMS
  ruby

DEPENDENCIES
  scorched!

BUNDLED WITH
   1.12.5
