GEM
  remote: https://rubygems.org/
  specs:
    progressbar (0.21.0)
    rake (10.5.0)

PLATFORMS
  ruby

DEPENDENCIES
  progressbar
  rake

BUNDLED WITH
   1.11.0
