GEM
  remote: https://rubygems.org/
  specs:
    progressbar (0.21.0)
    rake (10.5.0)
    ruby-prof (0.15.9)

PLATFORMS
  ruby

DEPENDENCIES
  progressbar
  rake
  ruby-prof

BUNDLED WITH
   1.11.2
