GEM
  remote: https://rubygems.org/
  specs:
    progressbar (0.21.0)
    rack (1.6.4)
    rake (10.5.0)

PLATFORMS
  ruby

DEPENDENCIES
  progressbar
  rack
  rake

BUNDLED WITH
   1.11.2
