GEM
  remote: https://rubygems.org/
  specs:
    http_router (0.11.2)
      rack (>= 1.0.0)
      url_mount (~> 0.2.1)
    rack (1.6.4)
    rambutan (0.0.1)
      http_router
    url_mount (0.2.1)
      rack

PLATFORMS
  ruby

DEPENDENCIES
  rambutan

BUNDLED WITH
   1.11.0
