GEM
  remote: https://rubygems.org/
  specs:
    rack (1.6.5)
    roda (2.20.0)
      rack

PLATFORMS
  ruby

DEPENDENCIES
  rack (~> 1.6, >= 1.6.4)
  roda

BUNDLED WITH
   1.12.5
