GEM
  remote: https://rubygems.org/
  specs:
    rack (1.6.4)
    roda (2.17.0)
      rack

PLATFORMS
  ruby

DEPENDENCIES
  rack (~> 1.6, >= 1.6.4)
  roda

BUNDLED WITH
   1.12.5
