GIT
  remote: git://github.com/rack-app/rack-app.git
  revision: 5722467a1f39d233ce9491fd0016694a05993fe2
  specs:
    rack-app (5.2.0)
      rack

GEM
  remote: https://rubygems.org/
  specs:
    rack (2.0.1)

PLATFORMS
  ruby

DEPENDENCIES
  rack-app!

BUNDLED WITH
   1.12.5
