GIT
  remote: git://github.com/rack-app/rack-app.git
  revision: 66a3e5928dbf981be09339d677407e61d59a735c
  specs:
    rack-app (5.12.0)
      rack

GEM
  remote: https://rubygems.org/
  specs:
    rack (2.0.1)

PLATFORMS
  ruby

DEPENDENCIES
  rack-app!

BUNDLED WITH
   1.14.3
