GIT
  remote: git://github.com/rack-app/rack-app.git
  revision: 3347f38bd4767dd3be3484aac8a6a1378448a9b3
  specs:
    rack-app (3.0.0.beta)
      rack

GEM
  remote: https://rubygems.org/
  specs:
    rack (1.6.4)

PLATFORMS
  ruby

DEPENDENCIES
  rack-app!

BUNDLED WITH
   1.11.2
