GEM
  remote: https://rubygems.org/
  specs:
    rack (1.6.4)
    rack-app (0.21.0)
      rack

PLATFORMS
  ruby

DEPENDENCIES
  rack-app

BUNDLED WITH
   1.11.0
