GIT
  remote: git://github.com/rack-app/rack-app.git
  revision: 2ece102da6dfe082402afa665e329ea96611137d
  specs:
    rack-app (3.0.0.gamma)
      rack

GEM
  remote: https://rubygems.org/
  specs:
    rack (1.6.4)

PLATFORMS
  ruby

DEPENDENCIES
  rack-app!

BUNDLED WITH
   1.11.2
