GIT
  remote: git://github.com/rack-app/rack-app.git
  revision: 1b1e7db408f13f319dedcf55e0f63c2d23a7892d
  specs:
    rack-app (5.10.0)
      rack

GEM
  remote: https://rubygems.org/
  specs:
    rack (2.0.1)

PLATFORMS
  ruby

DEPENDENCIES
  rack-app!

BUNDLED WITH
   1.12.5
