GIT
  remote: git://github.com/rack-app/rack-app.git
  revision: d2ca5c63d4251979616c143a98ab593bd24ffa58
  specs:
    rack-app (4.0.0)
      rack

GEM
  remote: https://rubygems.org/
  specs:
    rack (2.0.1)

PLATFORMS
  ruby

DEPENDENCIES
  rack-app!

BUNDLED WITH
   1.12.5
