GIT
  remote: git://github.com/rack-app/rack-app.git
  revision: 08741a4dcaacc1346f562f4216f7e9f616429f75
  specs:
    rack-app (3.5.2)
      rack

GEM
  remote: https://rubygems.org/
  specs:
    rack (1.6.4)

PLATFORMS
  ruby

DEPENDENCIES
  rack-app!

BUNDLED WITH
   1.11.2
