GEM
  remote: https://rubygems.org/
  specs:
    nancy (0.3.0)
      rack
      tilt
    rack (1.6.4)
    tilt (2.0.2)

PLATFORMS
  ruby

DEPENDENCIES
  nancy

BUNDLED WITH
   1.11.0
