GEM
  remote: https://rubygems.org/
  specs:
    iodine (0.7.42)
    plezi (0.14.2)
      iodine (~> 0.2, >= 0.2.1)

PLATFORMS
  ruby

DEPENDENCIES
  plezi

BUNDLED WITH
   1.12.5
